GEM
  remote: https://rubygems.org/
  remote: http://gems.github.com/
  specs:
    actionmailer (2.3.12)
      actionpack (= 2.3.12)
    actionpack (2.3.12)
      activesupport (= 2.3.12)
      rack (~> 1.1.0)
    activerecord (2.3.12)
      activesupport (= 2.3.12)
    activeresource (2.3.12)
      activesupport (= 2.3.12)
    activesupport (2.3.12)
    json (1.7.3)
    mislav-will_paginate (2.3.11)
    mysql (2.8.1)
    rack (1.1.3)
    rails (2.3.12)
      actionmailer (= 2.3.12)
      actionpack (= 2.3.12)
      activerecord (= 2.3.12)
      activeresource (= 2.3.12)
      activesupport (= 2.3.12)
      rake (>= 0.8.3)
    rake (0.9.2.2)
    rdoc (3.12)
      json (~> 1.4)
    rdoc-data (3.12)
      rdoc (> 2.5, < 4.0)

PLATFORMS
  ruby

DEPENDENCIES
  mislav-will_paginate (~> 2.3.7)
  mysql
  rails (= 2.3.12)
  rdoc-data
